GIT
  remote: https://github.com/chef/chef_secrets
  revision: 51a81adeb85582b4acc905835c4f3d33e7216697
  ref: 51a81adeb85582b4acc905835c4f3d33e7216697
  branch: main
  specs:
    bcrypt (~> 3.1)
    pbkdf2

GEM
  remote: http://rubygems.org/
  specs:
    bcrypt (3.1.16)
    chef-utils (16.17.51)
    pbkdf2 (0.1.0)
    pg (0.16.0)
    sequel (3.34.1)

PLATFORMS
  ruby

DEPENDENCIES
  chef-utils (~> 16.17)
  pg (~> 0.16.0)
  sequel (~> 3.34.1)

BUNDLED WITH
   2.2.15
